GEM
  remote: http://rubygems.org/
  specs:
    activemodel (3.0.0)
      activesupport (= 3.0.0)
      builder (~> 2.1.2)
      i18n (~> 0.4.1)
    activesupport (3.0.0)
    addressable (2.2.1)
    builder (2.1.2)
    crack (0.1.8)
    diff-lcs (1.1.2)
    i18n (0.4.1)
    patron (0.4.6)
    rack (1.2.1)
    remarkable (4.0.0.alpha4)
      rspec (>= 2.0.0.alpha11)
    remarkable_activemodel (4.0.0.alpha4)
      remarkable (~> 4.0.0.alpha4)
      rspec (>= 2.0.0.alpha11)
    rspec (2.0.0.beta.15)
      rspec-core (= 2.0.0.beta.15)
      rspec-expectations (= 2.0.0.beta.15)
      rspec-mocks (= 2.0.0.beta.15)
    rspec-core (2.0.0.beta.15)
    rspec-expectations (2.0.0.beta.15)
      diff-lcs (>= 1.1.2)
    rspec-mocks (2.0.0.beta.15)
    sinatra (1.0)
      rack (>= 1.0)
    tzinfo (0.3.22)
    vcr (1.0.2)
    webmock (1.3.0)
      addressable (>= 2.1.1)
      crack (>= 0.1.7)

PLATFORMS
  ruby

DEPENDENCIES
  activemodel (= 3.0.0)
  patron (= 0.4.6)
  remarkable_activemodel (= 4.0.0.alpha4)
  rspec (= 2.0.0.beta.15)
  sinatra (= 1.0)
  tzinfo (= 0.3.22)
  vcr (= 1.0.2)
  webmock (= 1.3.0)
